GEM
  remote: https://rubygems.org/
  specs:
    asciidoctor (1.5.6.1)
    asciidoctor-bespoke (1.0.0.alpha.1)
      asciidoctor (>= 1.5.0)
      slim (~> 3.0.6)
      thread_safe (~> 0.3.5)
    asciidoctor-diagram (1.4.0)
      asciidoctor (~> 1.5.0)
    multi_json (1.12.2)
    pygments.rb (1.2.1)
      multi_json (>= 1.0.0)
    slim (3.0.7)
      temple (~> 0.7.6)
      tilt (>= 1.3.3, < 2.1)
    temple (0.7.7)
    thread_safe (0.3.6)
    tilt (2.0.7)

PLATFORMS
  ruby

DEPENDENCIES
  asciidoctor-bespoke (= 1.0.0.alpha.1)
  asciidoctor-diagram (~> 1.4.0)
  pygments.rb

BUNDLED WITH
   1.15.4
